GEM
  remote: https://rubygems.org/
  specs:
    childprocess (3.0.0)
    colorize (0.8.1)
    httparty (0.21.0)
      mini_mime (>= 1.0.0)
      multi_xml (>= 0.5.2)
    mini_mime (1.1.2)
    multi_xml (0.6.0)
    origami (2.1.0)
      colorize (~> 0.7)
    regexp_parser (1.7.0)
    rubyzip (2.2.0)
    selenium-webdriver (3.142.7)
      childprocess (>= 0.5, < 4.0)
      rubyzip (>= 1.2.2)
    thor (1.0.1)
    watir (6.16.5)
      regexp_parser (~> 1.2)
      selenium-webdriver (~> 3.6)

PLATFORMS
  ruby

DEPENDENCIES
  httparty
  origami
  thor
  watir

BUNDLED WITH
   2.1.4
